GEM
  remote: https://rubygems.org/
  specs:
    addressable (2.8.4)
      public_suffix (>= 2.0.2, < 6.0)
    concurrent-ruby (1.1.10)
    concurrent-ruby-edge (0.5.0)
      concurrent-ruby (~> 1.1.5)
    diff-lcs (1.5.0)
    dotenv (2.8.1)
    dry-configurable (1.1.0)
      dry-core (~> 1.0, < 2)
      zeitwerk (~> 2.6)
    dry-core (1.0.1)
      concurrent-ruby (~> 1.0)
      zeitwerk (~> 2.6)
    dry-inflector (1.0.0)
    dry-initializer (3.1.1)
    dry-logic (1.5.0)
      concurrent-ruby (~> 1.0)
      dry-core (~> 1.0, < 2)
      zeitwerk (~> 2.6)
    dry-schema (1.13.3)
      concurrent-ruby (~> 1.0)
      dry-configurable (~> 1.0, >= 1.0.1)
      dry-core (~> 1.0, < 2)
      dry-initializer (~> 3.0)
      dry-logic (>= 1.4, < 2)
      dry-types (>= 1.7, < 2)
      zeitwerk (~> 2.6)
    dry-types (1.7.1)
      concurrent-ruby (~> 1.0)
      dry-core (~> 1.0)
      dry-inflector (~> 1.0)
      dry-logic (~> 1.4)
      zeitwerk (~> 2.6)
    dry-validation (1.10.0)
      concurrent-ruby (~> 1.0)
      dry-core (~> 1.0, < 2)
      dry-initializer (~> 3.0)
      dry-schema (>= 1.12, < 2)
      zeitwerk (~> 2.6)
    eventmachine (1.2.7)
    faraday (2.7.4)
      faraday-net_http (>= 2.0, < 3.1)
      ruby2_keywords (>= 0.0.4)
    faraday-multipart (1.0.4)
      multipart-post (~> 2)
    faraday-net_http (3.0.2)
    faye-websocket (0.11.2)
      eventmachine (>= 0.12.0)
      websocket-driver (>= 0.5.1)
    httpclient (2.8.3)
    json (2.7.1)
    multipart-post (2.3.0)
    public_suffix (5.0.4)
    pubnub (5.3.0)
      addressable (>= 2.0.0)
      concurrent-ruby (~> 1.1.5)
      concurrent-ruby-edge (~> 0.5.0)
      dry-validation (~> 1.0)
      httpclient (~> 2.8, >= 2.8.3)
      json (>= 2.2.0, < 3)
      timers (>= 4.3.0)
    rspec (3.12.0)
      rspec-core (~> 3.12.0)
      rspec-expectations (~> 3.12.0)
      rspec-mocks (~> 3.12.0)
    rspec-core (3.12.2)
      rspec-support (~> 3.12.0)
    rspec-expectations (3.12.3)
      diff-lcs (>= 1.2.0, < 2.0)
      rspec-support (~> 3.12.0)
    rspec-mocks (3.12.5)
      diff-lcs (>= 1.2.0, < 2.0)
      rspec-support (~> 3.12.0)
    rspec-support (3.12.0)
    ruby2_keywords (0.0.5)
    timers (4.3.5)
    websocket-driver (0.7.5)
      websocket-extensions (>= 0.1.0)
    websocket-extensions (0.1.5)
    zeitwerk (2.6.12)

PLATFORMS
  x86_64-darwin-20
  x86_64-darwin-22
  x86_64-linux

DEPENDENCIES
  addressable (= 2.8.4)
  concurrent-ruby (>= 1.1.5)
  dotenv
  faraday (= 2.7.4)
  faraday-multipart (= 1.0.4)
  faye-websocket (= 0.11.2)
  pubnub (= 5.3.0)
  rspec

BUNDLED WITH
   2.4.12
